GEM
  remote: http://rubygems.org/
  specs:
    colored (1.2)
    cri (2.3.0)
      colored (>= 1.2)
    nanoc (3.4.1)
      cri (~> 2.2)
    rack (1.4.1)
    rack-contrib (1.1.0)
      rack (>= 0.9.1)

PLATFORMS
  ruby

DEPENDENCIES
  nanoc
  rack
  rack-contrib
